GEM
  remote: https://rubygems.org/
  specs:
    excon (0.40.0)
    git-version-bump (0.15.1)
    i18n (0.7.0)
    json (1.8.1)
    rack (1.5.2)
    rack-contrib (1.3.0)
      git-version-bump (~> 0.15)
      rack (~> 1.4)
    rack-protection (1.5.3)
      rack
    sinatra (1.4.5)
      rack (~> 1.4)
      rack-protection (~> 1.4)
      tilt (~> 1.3, >= 1.3.4)
    tilt (1.4.1)

PLATFORMS
  ruby

DEPENDENCIES
  excon
  i18n
  json
  rack-contrib
  sinatra
